GEM
  remote: https://rubygems.org/
  specs:
    concurrent-ruby (1.1.7)
    diff-lcs (1.4.4)
    dry-configurable (0.11.6)
      concurrent-ruby (~> 1.0)
      dry-core (~> 0.4, >= 0.4.7)
      dry-equalizer (~> 0.2)
    dry-container (0.7.2)
      concurrent-ruby (~> 1.0)
      dry-configurable (~> 0.1, >= 0.1.3)
    dry-core (0.4.9)
      concurrent-ruby (~> 1.0)
    dry-effects (0.1.5)
      concurrent-ruby (~> 1.0)
      dry-container (~> 0.7, >= 0.7.2)
      dry-core (~> 0.4, >= 0.4.7)
      dry-equalizer (~> 0.2, >= 0.2.2)
      dry-inflector (~> 0.1, >= 0.1.2)
      dry-initializer (~> 3.0)
    dry-equalizer (0.3.0)
    dry-inflector (0.2.0)
    dry-initializer (3.0.4)
    rspec (3.10.0)
      rspec-core (~> 3.10.0)
      rspec-expectations (~> 3.10.0)
      rspec-mocks (~> 3.10.0)
    rspec-core (3.10.0)
      rspec-support (~> 3.10.0)
    rspec-expectations (3.10.0)
      diff-lcs (>= 1.2.0, < 2.0)
      rspec-support (~> 3.10.0)
    rspec-mocks (3.10.0)
      diff-lcs (>= 1.2.0, < 2.0)
      rspec-support (~> 3.10.0)
    rspec-support (3.10.0)

PLATFORMS
  ruby

DEPENDENCIES
  dry-effects (~> 0.1.5)
  rspec

RUBY VERSION
   ruby 2.7.0p0

BUNDLED WITH
   2.1.4
